GIT
  remote: git@damos.fruitopology.net:agora/greek-i18n.git
  revision: 82d3d8ed057776f59528c5de2276a832578a69b7
  branch: master
  specs:
    greek-i18n (0.1.0)
      i18n

GEM
  remote: https://rubygems.org/
  specs:
    activesupport (7.0.0)
      concurrent-ruby (~> 1.0, >= 1.0.2)
      i18n (>= 1.6, < 2)
      minitest (>= 5.1)
      tzinfo (~> 2.0)
    awesome_print (1.9.2)
    coderay (1.1.3)
    concurrent-ruby (1.1.9)
    i18n (1.8.11)
      concurrent-ruby (~> 1.0)
    method_source (1.0.0)
    minitest (5.15.0)
    nokogiri (1.12.5-x86_64-linux)
      racc (~> 1.4)
    ox (2.14.6)
    pry (0.14.1)
      coderay (~> 1.1)
      method_source (~> 1.0)
    racc (1.6.0)
    rexml (3.2.5)
    tzinfo (2.0.4)
      concurrent-ruby (~> 1.0)

PLATFORMS
  x86_64-linux

DEPENDENCIES
  activesupport
  awesome_print
  greek-i18n!
  nokogiri
  ox
  pry
  rexml

BUNDLED WITH
   2.2.3
